GEM
  remote: http://rubygems.org/
  specs:
    aws-s3 (0.6.2)
      builder
      mime-types
      xml-simple
    builder (3.0.0)
    chunky_png (1.2.5)
    compass (0.11.7)
      chunky_png (~> 1.2)
      fssm (>= 0.2.7)
      sass (~> 3.1)
    daemons (1.1.8)
    eventmachine (0.12.10)
    fssm (0.2.8.1)
    haml (3.1.4)
    mime-types (1.17.2)
    rack (1.4.1)
    sass (3.1.15)
    staticmatic2 (2.1.2)
      aws-s3
      compass
      haml (~> 3)
      rack (>= 1.0)
      sass (~> 3)
      thor (>= 0.14.6)
      tilt (>= 1.3)
    thin (1.3.1)
      daemons (>= 1.0.9)
      eventmachine (>= 0.12.6)
      rack (>= 1.0.0)
    thor (0.14.6)
    tilt (1.3.3)
    xml-simple (1.1.1)

PLATFORMS
  ruby

DEPENDENCIES
  compass
  haml
  rack
  staticmatic2
  thin
